GEM
  remote: http://rubygems.org/
  specs:
    GeoRuby (1.3.3)
    actionmailer (2.3.15)
      actionpack (= 2.3.15)
    actionpack (2.3.15)
      activesupport (= 2.3.15)
      rack (~> 1.1.3)
    activerecord (2.3.15)
      activesupport (= 2.3.15)
    activeresource (2.3.15)
      activesupport (= 2.3.15)
    activesupport (2.3.15)
    daemon_controller (1.1.2)
    fastercsv (1.5.5)
    fastthread (1.0.7)
    json (1.7.7)
    passenger (3.0.19)
      daemon_controller (>= 1.0.0)
      fastthread (>= 1.0.1)
      rack
      rake (>= 0.8.1)
    postgres (0.7.9.2008.01.28)
    rack (1.1.6)
    rails (2.3.15)
      actionmailer (= 2.3.15)
      actionpack (= 2.3.15)
      activerecord (= 2.3.15)
      activeresource (= 2.3.15)
      activesupport (= 2.3.15)
      rake (>= 0.8.3)
    rake (10.0.3)
    rdoc (4.0.0)
      json (~> 1.4)
    rspec (1.3.1)
    rspec-rails (1.3.3)
      rack (>= 1.0.0)
      rspec (= 1.3.1)
    spatial_adapter (1.3.1)
      GeoRuby (>= 1.3.0)
      activerecord (>= 2.2.2, < 3.1.0)
      activerecord (>= 2.2.2, < 3.1.0)

PLATFORMS
  ruby

DEPENDENCIES
  GeoRuby (= 1.3.3)
  fastercsv (= 1.5.5)
  passenger (= 3.0.19)
  postgres (= 0.7.9.2008.01.28)
  rails (= 2.3.15)
  rdoc
  rspec (= 1.3.1)
  rspec-rails (= 1.3.3)
  spatial_adapter (= 1.3.1)
